PATH
  remote: .
  specs:
    social_tags (0.1.0)
      faraday (~> 2.7.1)
      faraday-follow_redirects (~> 0.3.0)
      nokogiri (~> 1.13.9)

GEM
  remote: https://rubygems.org/
  specs:
    docile (1.4.0)
    faraday (2.7.1)
      faraday-net_http (>= 2.0, < 3.1)
      ruby2_keywords (>= 0.0.4)
    faraday-follow_redirects (0.3.0)
      faraday (>= 1, < 3)
    faraday-net_http (3.0.2)
    minitest (5.16.3)
    nokogiri (1.13.9-x86_64-linux)
      racc (~> 1.4)
    racc (1.6.0)
    rake (13.0.6)
    ruby2_keywords (0.0.5)
    simplecov (0.21.2)
      docile (~> 1.1)
      simplecov-html (~> 0.11)
      simplecov_json_formatter (~> 0.1)
    simplecov-html (0.12.3)
    simplecov_json_formatter (0.1.4)

PLATFORMS
  x86_64-linux

DEPENDENCIES
  minitest (~> 5.0)
  rake (~> 13.0)
  simplecov (~> 0.21)
  social_tags!

BUNDLED WITH
   2.3.26
